PATH
  remote: .
  specs:
    prawn_components (0.0.2)
      prawn (>= 2.2.2)
      prawn-table (>= 0.2.2)
      redcarpet (= 3.6.0)
      rouge (= 3.30.0)

GEM
  remote: https://rubygems.org/
  specs:
    bigdecimal (3.1.9)
    coderay (1.1.3)
    matrix (0.4.2)
    method_source (1.1.0)
    pdf-core (0.10.0)
    prawn (2.5.0)
      matrix (~> 0.4)
      pdf-core (~> 0.10.0)
      ttfunk (~> 1.8)
    prawn-table (0.2.2)
      prawn (>= 1.3.0, < 3.0.0)
    pry (0.15.2)
      coderay (~> 1.1)
      method_source (~> 1.0)
    redcarpet (3.6.0)
    rouge (3.30.0)
    ttfunk (1.8.0)
      bigdecimal (~> 3.1)

PLATFORMS
  ruby
  x86_64-darwin-21

DEPENDENCIES
  prawn_components!
  pry

RUBY VERSION
   ruby 3.2.2p53

BUNDLED WITH
   2.5.16
